PATH
  remote: .
  specs:
    simplejson2csv (0.1.0)
      thor (~> 0.20.0)

GEM
  remote: https://rubygems.org/
  specs:
    awesome_print (1.8.0)
    byebug (9.1.0)
    coderay (1.1.2)
    diff-lcs (1.3)
    method_source (0.9.0)
    pry (0.11.3)
      coderay (~> 1.1.0)
      method_source (~> 0.9.0)
    pry-byebug (3.5.1)
      byebug (~> 9.1)
      pry (~> 0.10)
    pry-meta (0.0.10)
      awesome_print
      pry
      pry-byebug
      pry-remote
    pry-remote (0.1.8)
      pry (~> 0.9)
      slop (~> 3.0)
    rake (10.5.0)
    rspec (3.7.0)
      rspec-core (~> 3.7.0)
      rspec-expectations (~> 3.7.0)
      rspec-mocks (~> 3.7.0)
    rspec-core (3.7.1)
      rspec-support (~> 3.7.0)
    rspec-expectations (3.7.0)
      diff-lcs (>= 1.2.0, < 2.0)
      rspec-support (~> 3.7.0)
    rspec-mocks (3.7.0)
      diff-lcs (>= 1.2.0, < 2.0)
      rspec-support (~> 3.7.0)
    rspec-support (3.7.0)
    slop (3.6.0)
    thor (0.20.0)

PLATFORMS
  ruby

DEPENDENCIES
  bundler (~> 1.16)
  pry-meta (~> 0.0.10)
  rake (~> 10.0)
  rspec (~> 3.0)
  simplejson2csv!

BUNDLED WITH
   1.16.1
